GEM
  remote: https://rubygems.org/
  specs:
    daemons (1.1.9)
    diffy (2.1.4)
    httparty (0.11.0)
      multi_json (~> 1.0)
      multi_xml (>= 0.5.2)
    multi_json (1.7.2)
    multi_xml (0.5.3)
    terminal-notifier-guard (1.5.3)

PLATFORMS
  ruby

DEPENDENCIES
  daemons
  diffy
  httparty
  terminal-notifier-guard
